GEM
  remote: https://rubygems.org/
  specs:
    addressable (2.8.6)
      public_suffix (>= 2.0.2, < 6.0)
    base64 (0.2.0)
    domain_name (0.6.20240107)
    ffi (1.16.3)
    ffi-compiler (1.3.2)
      ffi (>= 1.15.5)
      rake
    gpx (1.1.1)
      nokogiri (~> 1.7)
      rake
    http (5.2.0)
      addressable (~> 2.8)
      base64 (~> 0.1)
      http-cookie (~> 1.0)
      http-form_data (~> 2.2)
      llhttp-ffi (~> 0.5.0)
    http-cookie (1.0.6)
      domain_name (~> 0.5)
    http-form_data (2.3.0)
    jpmobile (7.1.0)
      mail (~> 2.7.0)
      rexml
      scanf
    llhttp-ffi (0.5.0)
      ffi-compiler (~> 1.0)
      rake (~> 13.0)
    mail (2.7.1)
      mini_mime (>= 0.1.1)
    mini_mime (1.1.5)
    mini_portile2 (2.8.7)
    nokogiri (1.15.6)
      mini_portile2 (~> 2.8.2)
      racc (~> 1.4)
    public_suffix (5.0.5)
    racc (1.8.0)
    rake (13.2.1)
    rexml (3.2.8)
      strscan (>= 3.0.9)
    scanf (1.0.0)
    strscan (3.1.0)

PLATFORMS
  ruby

DEPENDENCIES
  gpx
  http
  jpmobile

BUNDLED WITH
   2.1.4
